GEM
  remote: https://rubygems.org/
  specs:
    haml (4.0.7)
      tilt
    nio4r (2.3.1)
    puma (4.3.12)
      nio4r (~> 2.0)
    rack (1.6.4)
    rack-protection (1.5.3)
      rack
    sass (3.4.20)
    sinatra (1.4.6)
      rack (~> 1.4)
      rack-protection (~> 1.4)
      tilt (>= 1.3, < 3)
    tilt (2.0.1)

PLATFORMS
  ruby

DEPENDENCIES
  haml
  puma
  sass
  sinatra (= 1.4.6)

BUNDLED WITH
   1.11.2
