GEM
  remote: https://rubygems.org/
  specs:
    haml (5.0.0)
      temple (>= 0.8.0)
      tilt
    puma (2.15.3)
    rack (1.6.4)
    rack-protection (1.5.3)
      rack
    sass (3.4.20)
    sinatra (1.4.6)
      rack (~> 1.4)
      rack-protection (~> 1.4)
      tilt (>= 1.3, < 3)
    temple (0.8.2)
    tilt (2.0.10)

PLATFORMS
  ruby

DEPENDENCIES
  haml
  puma
  sass
  sinatra (= 1.4.6)

BUNDLED WITH
   1.11.2
